PATH
  remote: .
  specs:
    ruby_kata (0.1.0)

GEM
  remote: https://rubygems.org/
  specs:
    builder (3.2.3)
    codecov (0.1.10)
      json
      simplecov
      url
    diff-lcs (1.3)
    docile (1.1.5)
    json (2.1.0)
    minitest (5.10.2)
    minitest-ci (3.2.0)
      minitest (>= 5.0.6)
    rake (10.5.0)
    rspec (3.5.0)
      rspec-core (~> 3.5.0)
      rspec-expectations (~> 3.5.0)
      rspec-mocks (~> 3.5.0)
    rspec-core (3.5.4)
      rspec-support (~> 3.5.0)
    rspec-expectations (3.5.0)
      diff-lcs (>= 1.2.0, < 2.0)
      rspec-support (~> 3.5.0)
    rspec-mocks (3.5.0)
      diff-lcs (>= 1.2.0, < 2.0)
      rspec-support (~> 3.5.0)
    rspec-support (3.5.0)
    rspec_junit_formatter (0.2.3)
      builder (< 4)
      rspec-core (>= 2, < 4, != 2.12.0)
    simplecov (0.14.1)
      docile (~> 1.1.0)
      json (>= 1.8, < 3)
      simplecov-html (~> 0.10.0)
    simplecov-html (0.10.1)
    url (0.3.2)

PLATFORMS
  ruby

DEPENDENCIES
  bundler (~> 1.15)
  codecov
  minitest (~> 5.0)
  minitest-ci
  rake (~> 10.0)
  rspec
  rspec_junit_formatter
  ruby_kata!

BUNDLED WITH
   1.15.1
